GIT
  remote: https://github.com/jwhitehorn/acts_as_versioned.git
  revision: 44dfe632ba8c97c786cbc172a2da18a41b17f668
  ref: 44dfe632ba8c97c786cbc172a2da18a41b17f668
  specs:
    acts_as_versioned (3.2.1)
      activerecord

GIT
  remote: https://github.com/kete/acts_as_licensed.git
  revision: 4eabf1d97c5c8206e2ca239cdccf3b81b1072792
  branch: rails3-gem
  specs:
    acts_as_licensed (0.0.1)
      railties (>= 3.0.0)

GIT
  remote: https://github.com/kete/attachment_fu.git
  revision: 8b6c7beda9e0d9528245f26648e66a243d95216d
  specs:
    pothoven-attachment_fu (3.2.13)

GIT
  remote: https://github.com/kete/feedzirra
  revision: c38c7ab43d75de4f073f6f8f34531a785054f363
  specs:
    kete-feedzirra (0.0.20.1)
      activesupport (>= 2.0.0)
      builder (>= 2.1.2)
      curb (>= 0.2.3)
      loofah (>= 0.3.1)
      nokogiri (> 0.0.0)
      sax-machine (>= 0.0.12)

GIT
  remote: https://github.com/kete/rails-authorization-plugin
  revision: ab7259d323e35d16321121566d71689648c2bf2a
  specs:
    authorization (1.0.12)

GIT
  remote: https://github.com/says/acts_as_soft_deletable.git
  revision: 17b5ca72307be459c70cad6e7f9990be055e8d3a
  specs:
    acts_as_soft_deletable (0.0.2)
      rails (~> 3.0)

GEM
  remote: https://rubygems.org/
  specs:
    actionmailer (3.2.22.5)
      actionpack (= 3.2.22.5)
      mail (~> 2.5.4)
    actionpack (3.2.22.5)
      activemodel (= 3.2.22.5)
      activesupport (= 3.2.22.5)
      builder (~> 3.0.0)
      erubis (~> 2.7.0)
      journey (~> 1.0.4)
      rack (~> 1.4.5)
      rack-cache (~> 1.2)
      rack-test (~> 0.6.1)
      sprockets (~> 2.2.1)
    active_scaffold (3.3.3)
      rails (~> 3.2.0)
    activemodel (3.2.22.5)
      activesupport (= 3.2.22.5)
      builder (~> 3.0.0)
    activerecord (3.2.22.5)
      activemodel (= 3.2.22.5)
      activesupport (= 3.2.22.5)
      arel (~> 3.0.2)
      tzinfo (~> 0.3.29)
    activeresource (3.2.22.5)
      activemodel (= 3.2.22.5)
      activesupport (= 3.2.22.5)
    activesupport (3.2.22.5)
      i18n (~> 0.6, >= 0.6.4)
      multi_json (~> 1.0)
    acts-as-taggable-on (3.3.0)
      activerecord (>= 3, < 5)
    acts_as_configurable (0.0.8)
    acts_as_list (0.3.0)
      activerecord (>= 3.0)
    addressable (2.5.2)
      public_suffix (>= 2.0.2, < 4.0)
    arel (3.0.3)
    ast (2.3.0)
    avatar (0.2.0)
    awesome_nested_set (2.1.6)
      activerecord (>= 3.0.0)
    awesome_print (1.8.0)
    backgroundrb-rails3 (1.1.6)
      chronic (>= 0.2.3)
      packet (>= 0.1.15)
      rails (>= 3.0.0)
    builder (3.0.4)
    bundler-audit (0.3.1)
      bundler (~> 1.2)
      thor (~> 0.18)
    byebug (9.1.0)
    capybara (2.4.4)
      mime-types (>= 1.16)
      nokogiri (>= 1.3.3)
      rack (>= 1.0.0)
      rack-test (>= 0.5.4)
      xpath (~> 2.0)
    childprocess (0.7.1)
      ffi (~> 1.0, >= 1.0.11)
    choice (0.2.0)
    chronic (0.10.2)
    chunky_png (1.3.8)
    cliver (0.3.2)
    coderay (1.1.1)
    coffee-rails (3.2.2)
      coffee-script (>= 2.2.0)
      railties (~> 3.2.0)
    coffee-script (2.4.1)
      coffee-script-source
      execjs
    coffee-script-source (1.12.2)
    compass (1.0.3)
      chunky_png (~> 1.2)
      compass-core (~> 1.0.2)
      compass-import-once (~> 1.0.5)
      rb-fsevent (>= 0.9.3)
      rb-inotify (>= 0.9)
      sass (>= 3.3.13, < 3.5)
    compass-core (1.0.3)
      multi_json (~> 1.0)
      sass (>= 3.3.0, < 3.5)
    compass-import-once (1.0.5)
      sass (>= 3.2, < 3.5)
    compass-rails (3.0.2)
      compass (~> 1.0.0)
      sass-rails (< 5.1)
      sprockets (< 4.0)
    curb (0.9.4)
    database_cleaner (1.4.1)
    diff-lcs (1.3)
    dynamic_form (1.1.4)
    erubis (2.7.0)
    execjs (2.7.0)
    factory_girl (4.5.0)
      activesupport (>= 3.0.0)
    factory_girl_rails (4.5.0)
      factory_girl (~> 4.5.0)
      railties (>= 3.0.0)
    faraday (0.13.1)
      multipart-post (>= 1.2, < 3)
    faraday_middleware (0.12.2)
      faraday (>= 0.7.4, < 1.0)
    ffi (1.9.18)
    figaro (0.7.0)
      bundler (~> 1.0)
      rails (>= 3, < 5)
    haml (5.0.2)
      temple (>= 0.8.0)
      tilt
    hike (1.2.3)
    hpricot (0.8.6)
    htmlentities (4.3.4)
    http_url_validation_improved (1.3.1)
      addressable
    i18n (0.8.6)
    journey (1.0.4)
    jquery-rails (3.1.4)
      railties (>= 3.0, < 5.0)
      thor (>= 0.14, < 2.0)
    json (1.8.6)
    kgio (2.11.0)
    libxml-ruby (3.0.0)
    loofah (2.0.3)
      nokogiri (>= 1.5.9)
    mail (2.5.5)
      mime-types (~> 1.16)
      treetop (~> 1.4.8)
    method_source (0.8.2)
    mime-types (1.25.1)
    mini_exiftool (1.7.0)
    mini_portile2 (2.3.0)
    multi_json (1.12.1)
    multipart-post (2.0.0)
    nokogiri (1.8.1)
      mini_portile2 (~> 2.3.0)
    oai (0.3.1)
      builder (>= 2.0.0)
      faraday
      faraday_middleware
    oembed_provider_engine (0.2.0)
      addressable
      nokogiri
      rails (~> 3.2.8)
    packet (0.1.15)
    parallel (1.12.0)
    parser (2.4.0.0)
      ast (~> 2.2)
    pg (0.21.0)
    pg_search (0.7.9)
      activerecord (>= 3.1)
      activesupport (>= 3.1)
      arel
    poltergeist (1.16.0)
      capybara (~> 2.1)
      cliver (~> 0.3.1)
      websocket-driver (>= 0.2.0)
    polyglot (0.3.5)
    power_assert (1.1.0)
    powerpack (0.1.1)
    pry (0.10.4)
      coderay (~> 1.1.0)
      method_source (~> 0.8.1)
      slop (~> 3.4)
    pry-byebug (3.5.0)
      byebug (~> 9.1)
      pry (~> 0.10)
    pry-rails (0.3.6)
      pry (>= 0.10.4)
    psych (2.2.4)
    public_suffix (3.0.0)
    quiet_assets (1.1.0)
      railties (>= 3.1, < 5.0)
    rack (1.4.7)
    rack-cache (1.7.0)
      rack (>= 0.4)
    rack-ssl (1.3.4)
      rack
    rack-test (0.6.3)
      rack (>= 1.0)
    railroady (1.5.3)
    rails (3.2.22.5)
      actionmailer (= 3.2.22.5)
      actionpack (= 3.2.22.5)
      activerecord (= 3.2.22.5)
      activeresource (= 3.2.22.5)
      activesupport (= 3.2.22.5)
      bundler (~> 1.0)
      railties (= 3.2.22.5)
    rails-erd (1.5.2)
      activerecord (>= 3.2)
      activesupport (>= 3.2)
      choice (~> 0.2.0)
      ruby-graphviz (~> 1.2)
    rails_12factor (0.0.3)
      rails_serve_static_assets
      rails_stdout_logging
    rails_serve_static_assets (0.0.5)
    rails_stdout_logging (0.0.5)
    railties (3.2.22.5)
      actionpack (= 3.2.22.5)
      activesupport (= 3.2.22.5)
      rack-ssl (~> 1.3.2)
      rake (>= 0.8.7)
      rdoc (~> 3.4)
      thor (>= 0.14.6, < 2.0)
    rainbow (2.2.2)
      rake
    raindrops (0.19.0)
    rake (10.5.0)
    rb-fsevent (0.10.2)
    rb-inotify (0.9.10)
      ffi (>= 0.5.0, < 2)
    rdoc (3.12.2)
      json (~> 1.4)
    redcarpet (3.2.3)
    rmagick (2.16.0)
    routing-filter (0.3.1)
      actionpack
    rspec-core (3.6.0)
      rspec-support (~> 3.6.0)
    rspec-expectations (3.6.0)
      diff-lcs (>= 1.2.0, < 2.0)
      rspec-support (~> 3.6.0)
    rspec-mocks (3.6.0)
      diff-lcs (>= 1.2.0, < 2.0)
      rspec-support (~> 3.6.0)
    rspec-rails (3.6.1)
      actionpack (>= 3.0)
      activesupport (>= 3.0)
      railties (>= 3.0)
      rspec-core (~> 3.6.0)
      rspec-expectations (~> 3.6.0)
      rspec-mocks (~> 3.6.0)
      rspec-support (~> 3.6.0)
    rspec-support (3.6.0)
    rubocop (0.49.1)
      parallel (~> 1.10)
      parser (>= 2.3.3.1, < 3.0)
      powerpack (~> 0.1)
      rainbow (>= 1.99.1, < 3.0)
      ruby-progressbar (~> 1.7)
      unicode-display_width (~> 1.0, >= 1.0.1)
    ruby-graphviz (1.2.3)
    ruby-progressbar (1.8.1)
    rubyzip (1.2.1)
    sass (3.4.25)
    sass-rails (3.2.6)
      railties (~> 3.2.0)
      sass (>= 3.1.10)
      tilt (~> 1.3)
    sax-machine (1.3.2)
    selenium-webdriver (2.45.0)
      childprocess (~> 0.5)
      multi_json (~> 1.0)
      rubyzip (~> 1.0)
      websocket (~> 1.0)
    slop (3.6.0)
    sprockets (2.2.3)
      hike (~> 1.2)
      multi_json (~> 1.0)
      rack (~> 1.0)
      tilt (~> 1.1, != 1.3.0)
    strong_parameters (0.2.3)
      actionpack (~> 3.0)
      activemodel (~> 3.0)
      activesupport (~> 3.0)
      railties (~> 3.0)
    temple (0.8.0)
    test-unit (3.2.5)
      power_assert
    thor (0.20.0)
    tilt (1.4.1)
    tinymce-rails (4.1.10)
      railties (>= 3.1.1)
    treetop (1.4.15)
      polyglot
      polyglot (>= 0.3.1)
    tzinfo (0.3.53)
    uglifier (3.2.0)
      execjs (>= 0.3.0, < 3)
    unicode (0.4.4.4)
    unicode-display_width (1.3.0)
    unicorn (5.3.0)
      kgio (~> 2.6)
      raindrops (~> 0.7)
    validate_url (1.0.2)
      activemodel (>= 3.0.0)
      addressable
    validates_xml (1.0.3)
      activerecord (>= 2.0.0)
    websocket (1.2.4)
    websocket-driver (0.6.5)
      websocket-extensions (>= 0.1.0)
    websocket-extensions (0.1.2)
    will_paginate (3.0.12)
    xml-simple (1.1.5)
    xpath (2.1.0)
      nokogiri (~> 1.3)
    ya2yaml (0.31)

PLATFORMS
  ruby

DEPENDENCIES
  active_scaffold (~> 3.3.3)
  acts-as-taggable-on (~> 3.3.0)
  acts_as_configurable (= 0.0.8)
  acts_as_licensed!
  acts_as_list (~> 0.3.0)
  acts_as_soft_deletable!
  acts_as_versioned!
  authorization!
  avatar
  awesome_nested_set (~> 2.1.6)
  awesome_print
  backgroundrb-rails3 (~> 1.1.6)
  bundler-audit (~> 0.3.1)
  byebug
  capybara (~> 2.4.4)
  chronic
  coffee-rails (~> 3.2.1)
  compass-rails
  database_cleaner (~> 1.4.1)
  dynamic_form (~> 1.1.4)
  factory_girl_rails (~> 4.5.0)
  figaro (~> 0.7.0)
  haml
  hpricot
  htmlentities
  http_url_validation_improved
  jquery-rails (~> 3.1.1)
  kete-feedzirra!
  libxml-ruby
  mime-types
  mini_exiftool (< 2.0.0)
  nokogiri (>= 1.8.1)
  oai (~> 0.3.1)
  oembed_provider_engine
  packet
  pg
  pg_search (~> 0.7.2)
  poltergeist
  pothoven-attachment_fu!
  pry-byebug
  pry-rails
  psych (> 2.0.5)
  quiet_assets
  railroady
  rails (= 3.2.22.5)
  rails-erd
  rails_12factor
  rake (< 11.0)
  redcarpet (~> 3.2.3)
  rmagick (~> 2.16.0)
  routing-filter (~> 0.3.1)
  rspec-rails (~> 3.5)
  rubocop (= 0.49.1)
  sass-rails
  selenium-webdriver (~> 2.45.0)
  strong_parameters
  test-unit (~> 3.0)
  tinymce-rails (~> 4.1.4)
  uglifier (>= 1.0.3)
  unicode
  unicorn
  validate_url
  validates_xml (= 1.0.3)
  will_paginate (~> 3.0.5)
  xml-simple
  ya2yaml

RUBY VERSION
   ruby 2.3.3p222
BUNDLED WITH
   1.15.1
