GIT
  remote: git://github.com/jwhitehorn/acts_as_versioned.git
  revision: 44dfe632ba8c97c786cbc172a2da18a41b17f668
  specs:
    acts_as_versioned (3.2.1)
      activerecord

GIT
  remote: git://github.com/kete/acts_as_licensed.git
  revision: 51404e95591af17236bb96f072cb2d7b5582af5f
  branch: rails3-gem
  specs:
    acts_as_licensed (0.0.1)
      railties (>= 3.0.0)

GIT
  remote: git://github.com/kete/attachment_fu.git
  revision: 8b6c7beda9e0d9528245f26648e66a243d95216d
  specs:
    pothoven-attachment_fu (3.2.13)

GIT
  remote: git://github.com/kete/feedzirra.git
  revision: c38c7ab43d75de4f073f6f8f34531a785054f363
  specs:
    kete-feedzirra (0.0.20.1)
      activesupport (>= 2.0.0)
      builder (>= 2.1.2)
      curb (>= 0.2.3)
      loofah (>= 0.3.1)
      nokogiri (> 0.0.0)
      sax-machine (>= 0.0.12)

GIT
  remote: git://github.com/kete/rails-authorization-plugin.git
  revision: ab7259d323e35d16321121566d71689648c2bf2a
  specs:
    authorization (1.0.12)

GIT
  remote: git://github.com/says/acts_as_soft_deletable.git
  revision: 17b5ca72307be459c70cad6e7f9990be055e8d3a
  specs:
    acts_as_soft_deletable (0.0.2)
      rails (~> 3.0)

GEM
  remote: https://rubygems.org/
  specs:
    RedCloth (4.2.9)
    actionmailer (3.2.19)
      actionpack (= 3.2.19)
      mail (~> 2.5.4)
    actionpack (3.2.19)
      activemodel (= 3.2.19)
      activesupport (= 3.2.19)
      builder (~> 3.0.0)
      erubis (~> 2.7.0)
      journey (~> 1.0.4)
      rack (~> 1.4.5)
      rack-cache (~> 1.2)
      rack-test (~> 0.6.1)
      sprockets (~> 2.2.1)
    active_scaffold (3.3.3)
      rails (~> 3.2.0)
    activemodel (3.2.19)
      activesupport (= 3.2.19)
      builder (~> 3.0.0)
    activerecord (3.2.19)
      activemodel (= 3.2.19)
      activesupport (= 3.2.19)
      arel (~> 3.0.2)
      tzinfo (~> 0.3.29)
    activeresource (3.2.19)
      activemodel (= 3.2.19)
      activesupport (= 3.2.19)
    activesupport (3.2.19)
      i18n (~> 0.6, >= 0.6.4)
      multi_json (~> 1.0)
    acts-as-taggable-on (3.3.0)
      activerecord (>= 3, < 5)
    acts_as_configurable (0.0.8)
    acts_as_list (0.3.0)
      activerecord (>= 3.0)
    addressable (2.3.5)
    arel (3.0.3)
    avatar (0.2.0)
    awesome_nested_set (2.1.6)
      activerecord (>= 3.0.0)
    awesome_print (1.2.0)
    backgroundrb-rails3 (1.1.6)
      chronic (>= 0.2.3)
      packet (>= 0.1.15)
      rails (>= 3.0.0)
    builder (3.0.4)
    byebug (2.3.1)
      columnize (~> 0.3.6)
      debugger-linecache (~> 1.2.0)
    capistrano (3.2.1)
      i18n
      rake (>= 10.0.0)
      sshkit (~> 1.3)
    capistrano-bundler (1.1.3)
      capistrano (~> 3.1)
      sshkit (~> 1.2)
    capistrano-rails (1.1.2)
      capistrano (~> 3.1)
      capistrano-bundler (~> 1.1)
    capistrano-rbenv (2.0.2)
      capistrano (~> 3.1)
      sshkit (~> 1.3)
    capybara (2.4.1)
      mime-types (>= 1.16)
      nokogiri (>= 1.3.3)
      rack (>= 1.0.0)
      rack-test (>= 0.5.4)
      xpath (~> 2.0)
    choice (0.1.6)
    chronic (0.10.2)
    chunky_png (1.2.8)
    cliver (0.3.2)
    coderay (1.1.0)
    coffee-rails (3.2.2)
      coffee-script (>= 2.2.0)
      railties (~> 3.2.0)
    coffee-script (2.2.0)
      coffee-script-source
      execjs
    coffee-script-source (1.6.3)
    colorize (0.7.3)
    columnize (0.3.6)
    compass (0.12.2)
      chunky_png (~> 1.2)
      fssm (>= 0.2.7)
      sass (~> 3.1)
    compass-rails (1.0.3)
      compass (>= 0.12.2, < 0.14)
    curb (0.8.5)
    database_cleaner (1.2.0)
    debugger (1.6.2)
      columnize (>= 0.3.1)
      debugger-linecache (~> 1.2.0)
      debugger-ruby_core_source (~> 1.2.3)
    debugger-linecache (1.2.0)
    debugger-ruby_core_source (1.2.3)
    debugger-xml (0.3.2)
      builder (>= 2.0.0)
      debugger (>= 1.6.2)
    diff-lcs (1.2.5)
    dynamic_form (1.1.4)
    erubis (2.7.0)
    execjs (1.4.0)
      multi_json (~> 1.0)
    factory_girl (4.3.0)
      activesupport (>= 3.0.0)
    factory_girl_rails (4.3.0)
      factory_girl (~> 4.3.0)
      railties (>= 3.0.0)
    faraday (0.8.8)
      multipart-post (~> 1.2.0)
    faraday_middleware (0.9.0)
      faraday (>= 0.7.4, < 0.9)
    figaro (0.7.0)
      bundler (~> 1.0)
      rails (>= 3, < 5)
    fssm (0.2.10)
    haml (4.1.0.alpha.2)
      tilt
    hike (1.2.3)
    hpricot (0.8.6)
    htmlentities (4.3.1)
    http_url_validation_improved (1.3.1)
      addressable
    i18n (0.6.11)
    journey (1.0.4)
    jquery-rails (3.1.1)
      railties (>= 3.0, < 5.0)
      thor (>= 0.14, < 2.0)
    json (1.8.1)
    kgio (2.9.2)
    libxml-ruby (2.7.0)
    loofah (1.2.1)
      nokogiri (>= 1.4.4)
    mail (2.5.4)
      mime-types (~> 1.16)
      treetop (~> 1.4.8)
    method_source (0.8.2)
    mime-types (1.25.1)
    mini_exiftool (1.7.0)
    mini_portile (0.5.2)
    multi_json (1.10.1)
    multipart-post (1.2.0)
    net-scp (1.2.1)
      net-ssh (>= 2.6.5)
    net-ssh (2.9.1)
    nokogiri (1.6.0)
      mini_portile (~> 0.5.0)
    oai (0.3.1)
      builder (>= 2.0.0)
      faraday
      faraday_middleware
    oembed_provider_engine (0.2.0)
      addressable
      nokogiri
      rails (~> 3.2.8)
    packet (0.1.15)
    pg (0.16.0)
    pg_search (0.7.2)
      activerecord (>= 3.1)
      activesupport (>= 3.1)
      arel
    poltergeist (1.5.1)
      capybara (~> 2.1)
      cliver (~> 0.3.1)
      multi_json (~> 1.0)
      websocket-driver (>= 0.2.0)
    polyglot (0.3.5)
    pry (0.9.12.3)
      coderay (~> 1.0)
      method_source (~> 0.8)
      slop (~> 3.4)
    pry-byebug (1.2.0)
      byebug (~> 2.2)
      pry (~> 0.9.12)
    pry-rails (0.3.2)
      pry (>= 0.9.10)
    quiet_assets (1.0.3)
      railties (>= 3.1, < 5.0)
    rack (1.4.5)
    rack-cache (1.2)
      rack (>= 0.4)
    rack-ssl (1.3.4)
      rack
    rack-test (0.6.2)
      rack (>= 1.0)
    railroady (1.1.1)
    rails (3.2.19)
      actionmailer (= 3.2.19)
      actionpack (= 3.2.19)
      activerecord (= 3.2.19)
      activeresource (= 3.2.19)
      activesupport (= 3.2.19)
      bundler (~> 1.0)
      railties (= 3.2.19)
    rails-erd (1.1.0)
      activerecord (>= 3.0)
      activesupport (>= 3.0)
      choice (~> 0.1.6)
      ruby-graphviz (~> 1.0.4)
    rails_12factor (0.0.2)
      rails_serve_static_assets
      rails_stdout_logging
    rails_serve_static_assets (0.0.2)
    rails_stdout_logging (0.0.3)
    railties (3.2.19)
      actionpack (= 3.2.19)
      activesupport (= 3.2.19)
      rack-ssl (~> 1.3.2)
      rake (>= 0.8.7)
      rdoc (~> 3.4)
      thor (>= 0.14.6, < 2.0)
    raindrops (0.13.0)
    rake (10.3.2)
    rdoc (3.12.2)
      json (~> 1.4)
    rmagick (2.13.3)
    routing-filter (0.3.1)
      actionpack
    rspec-core (3.0.3)
      rspec-support (~> 3.0.0)
    rspec-expectations (3.0.3)
      diff-lcs (>= 1.2.0, < 2.0)
      rspec-support (~> 3.0.0)
    rspec-mocks (3.0.3)
      rspec-support (~> 3.0.0)
    rspec-rails (3.0.2)
      actionpack (>= 3.0)
      activesupport (>= 3.0)
      railties (>= 3.0)
      rspec-core (~> 3.0.0)
      rspec-expectations (~> 3.0.0)
      rspec-mocks (~> 3.0.0)
      rspec-support (~> 3.0.0)
    rspec-support (3.0.3)
    ruby-graphviz (1.0.9)
    sass (3.2.10)
    sass-rails (3.2.6)
      railties (~> 3.2.0)
      sass (>= 3.1.10)
      tilt (~> 1.3)
    sax-machine (0.2.1)
      nokogiri (~> 1.6.0)
    slop (3.4.6)
    sprockets (2.2.2)
      hike (~> 1.2)
      multi_json (~> 1.0)
      rack (~> 1.0)
      tilt (~> 1.1, != 1.3.0)
    sshkit (1.5.1)
      colorize
      net-scp (>= 1.1.2)
      net-ssh (>= 2.8.0)
    thor (0.19.1)
    tilt (1.4.1)
    tinymce-rails (4.1.4)
      railties (>= 3.1.1)
    treetop (1.4.15)
      polyglot
      polyglot (>= 0.3.1)
    tzinfo (0.3.41)
    uglifier (2.1.2)
      execjs (>= 0.3.0)
      multi_json (~> 1.0, >= 1.0.2)
    unicode (0.4.4)
    unicorn (4.8.3)
      kgio (~> 2.6)
      rack
      raindrops (~> 0.7)
    validate_url (0.2.2)
      activemodel (>= 3.0.0)
      addressable
    validates_xml (1.0.3)
      activerecord (>= 2.0.0)
    websocket-driver (0.3.4)
    will_paginate (3.0.5)
    xml-simple (1.1.2)
    xpath (2.0.0)
      nokogiri (~> 1.3)
    ya2yaml (0.31)

PLATFORMS
  ruby

DEPENDENCIES
  RedCloth
  active_scaffold (~> 3.3.3)
  acts-as-taggable-on (~> 3.3.0)
  acts_as_configurable (= 0.0.8)
  acts_as_licensed!
  acts_as_list (~> 0.3.0)
  acts_as_soft_deletable!
  acts_as_versioned!
  authorization!
  avatar
  awesome_nested_set (~> 2.1.6)
  awesome_print
  backgroundrb-rails3 (~> 1.1.6)
  byebug
  capistrano (~> 3.2.1)
  capistrano-bundler (~> 1.1.3)
  capistrano-rails (~> 1.1.2)
  capistrano-rbenv (~> 2.0.2)
  capybara (~> 2.4.1)
  chronic
  coffee-rails (~> 3.2.1)
  compass-rails
  database_cleaner
  debugger
  debugger-xml
  dynamic_form (~> 1.1.4)
  factory_girl_rails (~> 4.3.0)
  figaro (~> 0.7.0)
  haml
  hpricot
  htmlentities
  http_url_validation_improved
  jquery-rails (~> 3.1.1)
  kete-feedzirra!
  libxml-ruby
  mime-types
  mini_exiftool (< 2.0.0)
  nokogiri (~> 1.6.0)
  oai (~> 0.3.1)
  oembed_provider_engine
  packet
  pg
  pg_search (~> 0.7.2)
  poltergeist
  pothoven-attachment_fu!
  pry-byebug
  pry-rails
  quiet_assets
  railroady
  rails (= 3.2.19)
  rails-erd
  rails_12factor
  rake
  rmagick (= 2.13.3)
  routing-filter (~> 0.3.1)
  rspec-rails (~> 3.0.0)
  sass-rails
  tinymce-rails (~> 4.1.4)
  uglifier (>= 1.0.3)
  unicode
  unicorn
  validate_url
  validates_xml (= 1.0.3)
  will_paginate (~> 3.0.5)
  xml-simple
  ya2yaml
